GEM
  remote: https://rubygems.org/
  specs:
    axlsx (2.0.1)
      htmlentities (~> 4.3.1)
      nokogiri (>= 1.4.1)
      rubyzip (~> 1.0.0)
    htmlentities (4.3.4)
    mini_portile2 (2.5.3)
    nokogiri (1.11.4)
      mini_portile2 (~> 2.5.0)
      racc (~> 1.4)
    racc (1.5.2)
    rubyzip (1.0.0)

PLATFORMS
  ruby

DEPENDENCIES
  axlsx (~> 2.0.1)
  nokogiri (~> 1.11.4)

BUNDLED WITH
   1.16.1
